PATH
  remote: .
  specs:
    maillog (0.1.9)
      actionmailer (>= 4.2.5)
      activerecord (>= 4.2.5)

GEM
  remote: https://rubygems.org/
  specs:
    actionmailer (7.0.4.2)
      actionpack (= 7.0.4.2)
      actionview (= 7.0.4.2)
      activejob (= 7.0.4.2)
      activesupport (= 7.0.4.2)
      mail (~> 2.5, >= 2.5.4)
      net-imap
      net-pop
      net-smtp
      rails-dom-testing (~> 2.0)
    actionpack (7.0.4.2)
      actionview (= 7.0.4.2)
      activesupport (= 7.0.4.2)
      rack (~> 2.0, >= 2.2.0)
      rack-test (>= 0.6.3)
      rails-dom-testing (~> 2.0)
      rails-html-sanitizer (~> 1.0, >= 1.2.0)
    actionview (7.0.4.2)
      activesupport (= 7.0.4.2)
      builder (~> 3.1)
      erubi (~> 1.4)
      rails-dom-testing (~> 2.0)
      rails-html-sanitizer (~> 1.1, >= 1.2.0)
    activejob (7.0.4.2)
      activesupport (= 7.0.4.2)
      globalid (>= 0.3.6)
    activemodel (7.0.4.2)
      activesupport (= 7.0.4.2)
    activerecord (7.0.4.2)
      activemodel (= 7.0.4.2)
      activesupport (= 7.0.4.2)
    activesupport (7.0.4.2)
      concurrent-ruby (~> 1.0, >= 1.0.2)
      i18n (>= 1.6, < 2)
      minitest (>= 5.1)
      tzinfo (~> 2.0)
    builder (3.2.4)
    concurrent-ruby (1.2.0)
    crass (1.0.6)
    date (3.3.3)
    erubi (1.12.0)
    globalid (1.1.0)
      activesupport (>= 5.0)
    i18n (1.12.0)
      concurrent-ruby (~> 1.0)
    loofah (2.19.1)
      crass (~> 1.0.2)
      nokogiri (>= 1.5.9)
    mail (2.8.0.1)
      mini_mime (>= 0.1.1)
      net-imap
      net-pop
      net-smtp
    mini_mime (1.1.2)
    mini_portile2 (2.8.1)
    minitest (5.17.0)
    net-imap (0.3.4)
      date
      net-protocol
    net-pop (0.1.2)
      net-protocol
    net-protocol (0.2.1)
      timeout
    net-smtp (0.3.3)
      net-protocol
    nokogiri (1.14.1)
      mini_portile2 (~> 2.8.0)
      racc (~> 1.4)
    power_assert (2.0.3)
    racc (1.6.2)
    rack (2.2.6.2)
    rack-test (2.0.2)
      rack (>= 1.3)
    rails-dom-testing (2.0.3)
      activesupport (>= 4.2.0)
      nokogiri (>= 1.6)
    rails-html-sanitizer (1.5.0)
      loofah (~> 2.19, >= 2.19.1)
    rake (13.0.6)
    rr (3.1.0)
    sqlite3 (1.6.0)
      mini_portile2 (~> 2.8.0)
    test-unit (3.5.7)
      power_assert
    test-unit-rr (1.0.5)
      rr (>= 1.1.1)
      test-unit (>= 2.5.2)
    timeout (0.3.1)
    tzinfo (2.0.6)
      concurrent-ruby (~> 1.0)

PLATFORMS
  ruby

DEPENDENCIES
  maillog!
  rake
  sqlite3
  test-unit
  test-unit-rr

BUNDLED WITH
   2.4.6
